PATH
  remote: .
  specs:
    shufu (0.1.4)
      dry-initializer

GEM
  remote: https://rubygems.org/
  specs:
    diff-lcs (1.5.0)
    dry-initializer (3.1.1)
    power_assert (1.1.7)
    rake (13.0.6)
    rspec (3.10.0)
      rspec-core (~> 3.10.0)
      rspec-expectations (~> 3.10.0)
      rspec-mocks (~> 3.10.0)
    rspec-core (3.10.1)
      rspec-support (~> 3.10.0)
    rspec-expectations (3.10.2)
      diff-lcs (>= 1.2.0, < 2.0)
      rspec-support (~> 3.10.0)
    rspec-mocks (3.10.2)
      diff-lcs (>= 1.2.0, < 2.0)
      rspec-support (~> 3.10.0)
    rspec-power_assert (1.1.0)
      power_assert (~> 1.1.0)
      rspec (>= 2.14)
    rspec-support (3.10.3)

PLATFORMS
  x86_64-darwin-20
  x86_64-linux

DEPENDENCIES
  rake (~> 13.0)
  rspec (~> 3.0)
  rspec-power_assert
  shufu!

BUNDLED WITH
   2.2.32
